GEM
  remote: https://rubygems.org/
  specs:
    coderay (1.1.2)
    haml (5.0.4)
      temple (>= 0.8.0)
      tilt
    json (2.1.0)
    method_source (0.9.0)
    mustermann (1.0.3)
    pry (0.11.3)
      coderay (~> 1.1.0)
      method_source (~> 0.9.0)
    rack (2.0.5)
    rack-protection (2.0.3)
      rack
    rake (12.3.1)
    sinatra (2.0.3)
      mustermann (~> 1.0)
      rack (~> 2.0)
      rack-protection (= 2.0.3)
      tilt (~> 2.0)
    sqlite3 (1.3.13)
    temple (0.8.0)
    tilt (2.0.8)

PLATFORMS
  ruby

DEPENDENCIES
  haml (~> 5.0)
  json (~> 2.1)
  pry (~> 0.11.3)
  rake (~> 12.3)
  sinatra (~> 2.0)
  sqlite3 (~> 1.3)

BUNDLED WITH
   1.16.3
